GEM
  remote: https://rubygems.org/
  specs:
    appium_lib (16.0.0)
      appium_lib_core (~> 9.2, >= 9.2.1)
      nokogiri (~> 1.8, >= 1.8.1)
      tomlrb (>= 1.1, < 3.0)
    appium_lib_core (9.5.2)
      faye-websocket (~> 0.11.0)
      selenium-webdriver (~> 4.21)
    base64 (0.2.0)
    eventmachine (1.2.7)
    faye-websocket (0.11.3)
      eventmachine (>= 0.12.0)
      websocket-driver (>= 0.5.1)
    logger (1.6.6)
    nokogiri (1.18.3-x64-mingw-ucrt)
      racc (~> 1.4)
    racc (1.8.1)
    rexml (3.4.1)
    rubyzip (2.4.1)
    selenium-webdriver (4.29.1)
      base64 (~> 0.2)
      logger (~> 1.4)
      rexml (~> 3.2, >= 3.2.5)
      rubyzip (>= 1.2.2, < 3.0)
      websocket (~> 1.0)
    tomlrb (2.0.3)
    websocket (1.2.11)
    websocket-driver (0.7.7)
      base64
      websocket-extensions (>= 0.1.0)
    websocket-extensions (0.1.5)

PLATFORMS
  x64-mingw-ucrt

DEPENDENCIES
  appium_lib
  appium_lib_core

BUNDLED WITH
   2.6.5
